STORAGE: NONE
NUGET
  remote: https://api.nuget.org/v3/index.json
    Fable.Package.SDK (1.3) - restriction: >= net9.0
    FCQRS.Model (1.1.4)
      Fable.Package.SDK (>= 1.3) - restriction: >= net9.0
      FSharp.Core (>= 9.0.100) - restriction: >= net9.0
    FSharp.Core (9.0.100)
    FsToolkit.ErrorHandling (4.18)
      FSharp.Core (>= 4.7.2) - restriction: && (>= netstandard2.0) (< netstandard2.1)
      FSharp.Core (>= 7.0.300) - restriction: >= netstandard2.1
